GEM
  specs:
    crypt (1.1.4)

PLATFORMS
  ruby

DEPENDENCIES
  crypt
